GEM
  remote: https://rubygems.org/
  specs:
    excon (0.95.0)
    minitest (5.16.3)
    rake (13.0.6)
    rake-compiler (1.2.1)
      rake
    rubyzip (2.3.2)
    yard (0.9.36)

PLATFORMS
  arm64-darwin-21
  x86_64-linux

DEPENDENCIES
  excon
  minitest
  rake-compiler
  rubyzip
  yard

BUNDLED WITH
   2.3.11
